GIT
  remote: git://github.com/Satish/restful-authentication.git
  revision: a2f669944c86f2bec46bb248360e556a983140d4
  branch: rails3
  specs:
    restful-authentication (2.0.0.beta1)

GIT
  remote: git://github.com/ambethia/passiverecord.git
  revision: cdf0747243e9bbf067ab6fea8cc6cc8f860112b1
  specs:
    passiverecord (0.2)

GIT
  remote: git://github.com/kartofflly/spawn.git
  revision: 9096752c05b6eb8f5d8e0c24ad74bde4fea583ee
  specs:
    spawn (1.0.1)

GIT
  remote: git://github.com/niciliketo/comatose.git
  revision: 705fede99e0cf92012042e737b492216e0e357f2
  specs:
    comatose (2.0.9)

GIT
  remote: git://github.com/thl/active_resource_extensions.git
  revision: edcb8f5ea5f0e132911e2a5b58fdb1aba075945a
  tag: v2.1.0
  specs:
    active_resource_extensions (2.1.0)
      rails (~> 3.2.8)

GIT
  remote: git://github.com/thl/attachment_fu_patch.git
  revision: e3af5424d65f6fa8e4e0934970f808cd2936042a
  tag: v2.1.0
  specs:
    attachment_fu_patch (2.1.0)
      rails (~> 3.2.8)

GIT
  remote: git://github.com/thl/authenticated_system.git
  revision: 76ded3ab3dca227ee0b92ebc5bc9e8636a8ca513
  tag: v2.2.2
  specs:
    authenticated_system (2.2.2)
      rails (~> 3.2.8)

GIT
  remote: git://github.com/thl/complex_scripts.git
  revision: 7e5d5937143ec6bb3a212f1efebc7dc1051d8bc6
  tag: v2.2.2
  specs:
    complex_scripts (2.2.2)
      passiverecord (= 0.2)
      rails (~> 3.2.8)

GIT
  remote: git://github.com/thl/dictionary_integration.git
  revision: 36e31e2b8bed8d327486f20020855f72c898b1dc
  tag: v2.1.0
  specs:
    dictionary_integration (2.1.0)
      rails (~> 3.2.9)

GIT
  remote: git://github.com/thl/interface_utils.git
  revision: fcd188e442c8c72f5f931396be5c8bcaa7341d73
  tag: v2.1.2
  specs:
    interface_utils (2.1.2)
      rails (~> 3.2.11)

GIT
  remote: git://github.com/thl/mms_engine.git
  revision: fbf1d455a9d080149ffcf1a24808939d315df92b
  tag: v2.7.1
  specs:
    mms_engine (2.7.1)
      rails (= 3.2.13)
      rmagick

GIT
  remote: git://github.com/thl/places_integration.git
  revision: 6ed55e0f94adab3f0251e598c7109dc931e5bb31
  tag: v2.1.0
  specs:
    places_integration (2.1.0)
      rails (~> 3.2.8)

GIT
  remote: git://github.com/thl/proxy_engine.git
  revision: 48f74ed479d7ecfca96a252d9c16dede2ab3d30b
  tag: v2.1.0
  specs:
    proxy_engine (2.1.0)
      rails (~> 3.2.9)

GIT
  remote: git://github.com/thl/thl_integration.git
  revision: 2e227bf7cc90bdedf923c8397bc4e29269c3a469
  tag: v2.2.0
  specs:
    thl_integration (2.2.0)
      rails (~> 3.2.8)

GIT
  remote: git://github.com/thl/topical_map_integration.git
  revision: 292989c3f22e51e8b908a8357c8aba7cce6e1a3e
  tag: v3.1.0
  specs:
    topical_map_integration (3.1.0)
      rails (~> 3.2.9)

GIT
  remote: git://github.com/thl/universal_navigation.git
  revision: 859fe9c28a96d57c854e98a55d281759ccf4fa43
  tag: v2.1.0
  specs:
    universal_navigation (2.1.0)
      rails (~> 3.2.8)

GEM
  remote: http://rubygems.org/
  specs:
    actionmailer (3.2.13)
      actionpack (= 3.2.13)
      mail (~> 2.5.3)
    actionpack (3.2.13)
      activemodel (= 3.2.13)
      activesupport (= 3.2.13)
      builder (~> 3.0.0)
      erubis (~> 2.7.0)
      journey (~> 1.0.4)
      rack (~> 1.4.5)
      rack-cache (~> 1.2)
      rack-test (~> 0.6.1)
      sprockets (~> 2.2.1)
    activemodel (3.2.13)
      activesupport (= 3.2.13)
      builder (~> 3.0.0)
    activerecord (3.2.13)
      activemodel (= 3.2.13)
      activesupport (= 3.2.13)
      arel (~> 3.0.2)
      tzinfo (~> 0.3.29)
    activeresource (3.2.13)
      activemodel (= 3.2.13)
      activesupport (= 3.2.13)
    activesupport (3.2.13)
      i18n (= 0.6.1)
      multi_json (~> 1.0)
    acts_as_list (0.4.0)
      activerecord (>= 3.0)
    acts_as_tree (1.5.1)
      activerecord (>= 3.0.0)
    acts_as_versioned (0.2.3)
      activerecord (>= 1.10.1)
      activesupport (>= 1.1.1)
    annotate (2.6.3)
      activerecord (>= 2.3.0)
      rake (>= 0.8.7)
    arel (3.0.3)
    builder (3.0.4)
    coffee-rails (3.2.2)
      coffee-script (>= 2.2.0)
      railties (~> 3.2.0)
    coffee-script (2.2.0)
      coffee-script-source
      execjs
    coffee-script-source (1.7.0)
    columnize (0.3.6)
    debugger (1.6.6)
      columnize (>= 0.3.1)
      debugger-linecache (~> 1.2.0)
      debugger-ruby_core_source (~> 1.3.2)
    debugger-linecache (1.2.0)
    debugger-ruby_core_source (1.3.2)
    dynamic_form (1.1.4)
    erubis (2.7.0)
    execjs (2.0.2)
    globalize (3.1.0)
      activemodel (>= 3.1.0, < 4.0.0)
      activerecord (>= 3.1.0, < 4.0.0)
    hike (1.2.3)
    hpricot (0.8.6)
    i18n (0.6.1)
    in_place_editing (1.2.0)
    journey (1.0.4)
    jquery-rails (3.1.0)
      railties (>= 3.0, < 5.0)
      thor (>= 0.14, < 2.0)
    json (1.8.1)
    libv8 (3.16.14.3)
    mail (2.5.4)
      mime-types (~> 1.16)
      treetop (~> 1.4.8)
    mime-types (1.25.1)
    multi_json (1.9.2)
    mysql2 (0.3.15)
    newrelic_rpm (3.7.3.204)
    open_id_authentication (1.2.0)
      rack-openid (~> 1.3)
    permalink_fu (1.0.0)
    polyglot (0.3.4)
    pothoven-attachment_fu (3.2.11)
    rack (1.4.5)
    rack-cache (1.2)
      rack (>= 0.4)
    rack-openid (1.4.2)
      rack (>= 1.1.0)
      ruby-openid (>= 2.1.8)
    rack-ssl (1.3.4)
      rack
    rack-test (0.6.2)
      rack (>= 1.0)
    rails (3.2.13)
      actionmailer (= 3.2.13)
      actionpack (= 3.2.13)
      activerecord (= 3.2.13)
      activeresource (= 3.2.13)
      activesupport (= 3.2.13)
      bundler (~> 1.0)
      railties (= 3.2.13)
    railties (3.2.13)
      actionpack (= 3.2.13)
      activesupport (= 3.2.13)
      rack-ssl (~> 1.3.2)
      rake (>= 0.8.7)
      rdoc (~> 3.4)
      thor (>= 0.14.6, < 2.0)
    rake (10.2.2)
    rdoc (3.12.2)
      json (~> 1.4)
    ref (1.0.5)
    rmagick (2.13.2)
    ruby-openid (2.5.0)
    sass (3.3.4)
    sass-rails (3.2.6)
      railties (~> 3.2.0)
      sass (>= 3.1.10)
      tilt (~> 1.3)
    sprockets (2.2.2)
      hike (~> 1.2)
      multi_json (~> 1.0)
      rack (~> 1.0)
      tilt (~> 1.1, != 1.3.0)
    therubyracer (0.12.1)
      libv8 (~> 3.16.14.0)
      ref
    thor (0.19.1)
    tilt (1.4.1)
    tinymce-rails (3.5.9)
      railties (>= 3.1.1)
    treetop (1.4.15)
      polyglot
      polyglot (>= 0.3.1)
    tzinfo (0.3.39)
    uglifier (2.5.0)
      execjs (>= 0.3.0)
      json (>= 1.8.0)
    will_paginate (3.0.5)

PLATFORMS
  ruby

DEPENDENCIES
  active_resource_extensions (= 2.1.0)!
  acts_as_list
  acts_as_tree
  acts_as_versioned
  annotate
  attachment_fu_patch (= 2.1.0)!
  authenticated_system (= 2.2.2)!
  coffee-rails
  comatose (= 2.0.9)!
  complex_scripts (= 2.2.2)!
  debugger
  dictionary_integration (= 2.1.0)!
  dynamic_form
  globalize
  hpricot
  in_place_editing
  interface_utils (= 2.1.2)!
  jquery-rails
  libv8
  mms_engine (= 2.7.1)!
  mysql2
  newrelic_rpm
  open_id_authentication
  passiverecord (= 0.2)!
  permalink_fu
  places_integration (= 2.1.0)!
  pothoven-attachment_fu
  proxy_engine (= 2.1.0)!
  rack-openid
  rails (= 3.2.13)
  restful-authentication (= 2.0.0.beta1)!
  sass-rails
  spawn (= 1.0.1)!
  therubyracer
  thl_integration (= 2.2.0)!
  tinymce-rails (= 3.5.9)
  topical_map_integration (= 3.1.0)!
  uglifier (>= 1.0.3)
  universal_navigation (= 2.1.0)!
  will_paginate
