GIT
  remote: git://github.com/ambethia/passiverecord.git
  revision: cdf0747243e9bbf067ab6fea8cc6cc8f860112b1
  specs:
    passiverecord (0.2)

GIT
  remote: git://github.com/raszi/restful-authentication.git
  revision: 0f7d50512bf47a63e53ea05cd5a7b2161732448f
  branch: rails4
  specs:
    restful-authentication (2.0.0.beta1)

GIT
  remote: git://github.com/shanti-uva/subjects_integration.git
  revision: 750839fafd23d50810bb76d7f4d06719c5ca5b6a
  tag: v0.1.5
  specs:
    subjects_integration (0.1.5)
      rails (~> 4.0)

GIT
  remote: git://github.com/thl/active_resource_extensions.git
  revision: bbc43dbcf9c581d2229dc849590ac280929da8a7
  tag: v2.1.5
  specs:
    active_resource_extensions (2.1.5)
      activeresource
      rails (~> 4.0)

GIT
  remote: git://github.com/thl/attachment_fu_patch.git
  revision: 43827fa9450afc2672c86db9ad138b03e2ba393c
  tag: v2.1.2
  specs:
    attachment_fu_patch (2.1.2)
      rails (~> 4.0)

GIT
  remote: git://github.com/thl/authenticated_system.git
  revision: 2c849ff9118dbd3117d9bf8db679c0e06438abd9
  tag: v2.2.9
  specs:
    authenticated_system (2.2.9)
      rails (~> 4.0)

GIT
  remote: git://github.com/thl/complex_scripts.git
  revision: 07d28c5e874a9a095d314574d9fed412cdffa8cd
  tag: v2.2.6
  specs:
    complex_scripts (2.2.6)
      passiverecord (= 0.2)
      rails (~> 4.0)

GIT
  remote: git://github.com/thl/dictionary_integration.git
  revision: 00ddbd699ec6bda894ab1d409c895e3126676b91
  tag: v2.1.2
  specs:
    dictionary_integration (2.1.2)
      rails (~> 4.0)

GIT
  remote: git://github.com/thl/interface_utils.git
  revision: eda0b7a77730c70c80391dc7866e0491edb2305f
  tag: v2.1.8
  specs:
    interface_utils (2.1.8)
      rails (~> 4.0)

GIT
  remote: git://github.com/thl/mms_engine.git
  revision: dbd33b1bd74060cbc21dd30b3bf4307040d0e397
  tag: v2.8.5
  specs:
    mms_engine (2.8.5)
      rails (~> 4.0)
      rmagick

GIT
  remote: git://github.com/thl/places_integration.git
  revision: d841d1fb2dda898977e62884371c1d868e879d29
  tag: v2.1.3
  specs:
    places_integration (2.1.3)
      rails (~> 4.0)

GIT
  remote: git://github.com/thl/proxy_engine.git
  revision: 49d536e60bdfa648edba75959c43c79cba70ecf9
  tag: v2.1.2
  specs:
    proxy_engine (2.1.2)
      rails (~> 4.0)

GIT
  remote: git://github.com/thl/thl_integration.git
  revision: a57561e090a05e578c378b2d6bd2e6c043b1fcb1
  tag: v2.2.2
  specs:
    thl_integration (2.2.2)
      rails (~> 4.0)

GIT
  remote: git://github.com/thl/universal_navigation.git
  revision: d35f43d174d2dc7d9431d9dfe1f094086f738461
  tag: v2.1.2
  specs:
    universal_navigation (2.1.2)
      rails (~> 4.0)

GEM
  remote: http://rubygems.org/
  specs:
    actionmailer (4.1.5)
      actionpack (= 4.1.5)
      actionview (= 4.1.5)
      mail (~> 2.5.4)
    actionpack (4.1.5)
      actionview (= 4.1.5)
      activesupport (= 4.1.5)
      rack (~> 1.5.2)
      rack-test (~> 0.6.2)
    actionpack-action_caching (1.1.1)
      actionpack (>= 4.0.0, < 5.0)
    actionpack-page_caching (1.0.2)
      actionpack (>= 4.0.0, < 5)
    actionview (4.1.5)
      activesupport (= 4.1.5)
      builder (~> 3.1)
      erubis (~> 2.7.0)
    activemodel (4.1.5)
      activesupport (= 4.1.5)
      builder (~> 3.1)
    activerecord (4.1.5)
      activemodel (= 4.1.5)
      activesupport (= 4.1.5)
      arel (~> 5.0.0)
    activeresource (4.0.0)
      activemodel (~> 4.0)
      activesupport (~> 4.0)
      rails-observers (~> 0.1.1)
    activesupport (4.1.5)
      i18n (~> 0.6, >= 0.6.9)
      json (~> 1.7, >= 1.7.7)
      minitest (~> 5.1)
      thread_safe (~> 0.1)
      tzinfo (~> 1.1)
    acts_as_list (0.4.0)
      activerecord (>= 3.0)
    acts_as_tree (2.0.0)
      activerecord (>= 3.0.0)
    acts_as_versioned (0.2.3)
      activerecord (>= 1.10.1)
      activesupport (>= 1.1.1)
    annotate (2.6.5)
      activerecord (>= 2.3.0)
      rake (>= 0.8.7)
    arel (5.0.1.20140414130214)
    builder (3.2.2)
    byebug (3.4.0)
      columnize (~> 0.8)
      debugger-linecache (~> 1.2)
      slop (~> 3.6)
    coffee-rails (4.0.1)
      coffee-script (>= 2.2.0)
      railties (>= 4.0.0, < 5.0)
    coffee-script (2.3.0)
      coffee-script-source
      execjs
    coffee-script-source (1.8.0)
    columnize (0.8.9)
    debugger-linecache (1.2.0)
    dynamic_form (1.1.4)
    erubis (2.7.0)
    execjs (2.2.1)
    globalize (4.0.2)
      activemodel (>= 4.0.0, < 5)
      activerecord (>= 4.0.0, < 5)
    hike (1.2.3)
    hpricot (0.8.6)
    i18n (0.7.0)
    in_place_editing (1.2.0)
    jbuilder (2.1.3)
      activesupport (>= 3.0.0, < 5)
      multi_json (~> 1.2)
    jquery-rails (3.1.2)
      railties (>= 3.0, < 5.0)
      thor (>= 0.14, < 2.0)
    json (1.8.2)
    libv8 (3.16.14.7)
    mail (2.5.4)
      mime-types (~> 1.16)
      treetop (~> 1.4.8)
    memcache-client (1.8.5)
    mime-types (1.25.1)
    minitest (5.5.1)
    multi_json (1.10.1)
    mysql2 (0.3.16)
    newrelic_rpm (3.9.4.245)
    open_id_authentication (1.2.0)
      rack-openid (~> 1.3)
    permalink_fu (1.0.0)
    polyglot (0.3.5)
    pothoven-attachment_fu (3.2.13)
    rack (1.5.2)
    rack-openid (1.4.2)
      rack (>= 1.1.0)
      ruby-openid (>= 2.1.8)
    rack-test (0.6.3)
      rack (>= 1.0)
    rails (4.1.5)
      actionmailer (= 4.1.5)
      actionpack (= 4.1.5)
      actionview (= 4.1.5)
      activemodel (= 4.1.5)
      activerecord (= 4.1.5)
      activesupport (= 4.1.5)
      bundler (>= 1.3.0, < 2.0)
      railties (= 4.1.5)
      sprockets-rails (~> 2.0)
    rails-observers (0.1.2)
      activemodel (~> 4.0)
    railties (4.1.5)
      actionpack (= 4.1.5)
      activesupport (= 4.1.5)
      rake (>= 0.8.7)
      thor (>= 0.18.1, < 2.0)
    rake (10.4.2)
    rdoc (4.1.2)
      json (~> 1.4)
    ref (1.0.5)
    rmagick (2.14.0)
    ruby-openid (2.5.0)
    sass (3.2.19)
    sass-rails (4.0.3)
      railties (>= 4.0.0, < 5.0)
      sass (~> 3.2.0)
      sprockets (~> 2.8, <= 2.11.0)
      sprockets-rails (~> 2.0)
    sdoc (0.4.1)
      json (~> 1.7, >= 1.7.7)
      rdoc (~> 4.0)
    slop (3.6.0)
    spawnling (2.1.5)
    spring (1.1.3)
    sprockets (2.11.0)
      hike (~> 1.2)
      multi_json (~> 1.0)
      rack (~> 1.0)
      tilt (~> 1.1, != 1.3.0)
    sprockets-rails (2.1.4)
      actionpack (>= 3.0)
      activesupport (>= 3.0)
      sprockets (~> 2.8)
    therubyracer (0.12.1)
      libv8 (~> 3.16.14.0)
      ref
    thor (0.19.1)
    thread_safe (0.3.5)
    tilt (1.4.1)
    tinymce-rails (4.1.6)
      railties (>= 3.1.1)
    treetop (1.4.15)
      polyglot
      polyglot (>= 0.3.1)
    turbolinks (2.3.0)
      coffee-rails
    tzinfo (1.2.2)
      thread_safe (~> 0.1)
    uglifier (2.5.3)
      execjs (>= 0.3.0)
      json (>= 1.8.0)
    will_paginate (3.0.7)

PLATFORMS
  ruby

DEPENDENCIES
  actionpack-action_caching
  actionpack-page_caching
  active_resource_extensions (= 2.1.5)!
  activeresource
  acts_as_list
  acts_as_tree
  acts_as_versioned
  annotate
  attachment_fu_patch (= 2.1.2)!
  authenticated_system (= 2.2.9)!
  byebug
  coffee-rails (~> 4.0.0)
  complex_scripts (= 2.2.6)!
  dictionary_integration (= 2.1.2)!
  dynamic_form
  globalize
  hpricot
  in_place_editing
  interface_utils (= 2.1.8)!
  jbuilder (~> 2.0)
  jquery-rails
  memcache-client
  mms_engine (= 2.8.5)!
  mysql2
  newrelic_rpm
  open_id_authentication
  passiverecord (= 0.2)!
  permalink_fu
  places_integration (= 2.1.3)!
  pothoven-attachment_fu
  proxy_engine (= 2.1.2)!
  rack-openid
  rails (= 4.1.5)
  rails-observers
  restful-authentication (= 2.0.0.beta1)!
  sass-rails (~> 4.0.3)
  sdoc (~> 0.4.0)
  spawnling
  spring
  subjects_integration (= 0.1.5)!
  therubyracer
  thl_integration (= 2.2.2)!
  tinymce-rails
  turbolinks
  uglifier (>= 1.3.0)
  universal_navigation (= 2.1.2)!
  will_paginate
