GIT
  remote: git://github.com/Satish/restful-authentication.git
  revision: a2f669944c86f2bec46bb248360e556a983140d4
  branch: rails3
  specs:
    restful-authentication (2.0.0.beta1)

GIT
  remote: git://github.com/ambethia/passiverecord.git
  revision: cdf0747243e9bbf067ab6fea8cc6cc8f860112b1
  specs:
    passiverecord (0.2)

GIT
  remote: git://github.com/kartofflly/spawn.git
  revision: 9096752c05b6eb8f5d8e0c24ad74bde4fea583ee
  specs:
    spawn (1.0.1)

GIT
  remote: git://github.com/niciliketo/comatose.git
  revision: 191a2353decae1681a86fb0eb6cc5f9bb09c1cf9
  specs:
    comatose (2.0.5)

GIT
  remote: git://github.com/thl/active_resource_extensions.git
  revision: a8d01dca2a40dfb32b85758871b5076303d932a4
  tag: v2.0.5
  specs:
    active_resource_extensions (2.0.5)
      rails (~> 3.2.8)

GIT
  remote: git://github.com/thl/attachment_fu_patch.git
  revision: 21851ed98112ed369bca7ad9a22007afe455354b
  tag: v2.0.4
  specs:
    attachment_fu_patch (2.0.4)
      rails (~> 3.2.8)

GIT
  remote: git://github.com/thl/authenticated_system.git
  revision: 328b373de7339f191b27de2bb87bc6bf2d97fee8
  tag: v2.1.0
  specs:
    authenticated_system (2.1.0)
      rails (~> 3.2.8)

GIT
  remote: git://github.com/thl/complex_scripts.git
  revision: a531e71fa205aefa88739d1de8f24ace679fc4f1
  tag: v2.0.7
  specs:
    complex_scripts (2.0.7)
      passiverecord (= 0.2)
      rails (~> 3.2.8)

GIT
  remote: git://github.com/thl/dictionary_integration.git
  revision: 072a7c3bb46da6b84834e75baa5b9dcbf6832a3b
  tag: v2.0.2
  specs:
    dictionary_integration (2.0.2)
      rails (~> 3.2.9)

GIT
  remote: git://github.com/thl/interface_utils.git
  revision: 1880ef35da900202bebf96dee496c1e3391a4c65
  tag: v2.0.2
  specs:
    interface_utils (2.0.2)
      rails (~> 3.2.11)

GIT
  remote: git://github.com/thl/mms_engine.git
  revision: 556c53ee81d87aab30eba0692742aec883b55f97
  tag: v2.4.1
  specs:
    mms_engine (2.4.1)
      rails (= 3.2.13)
      rmagick

GIT
  remote: git://github.com/thl/places_integration.git
  revision: c9528a5d702741a5f14d3787909b8e9b38fa1cf2
  tag: v2.0.4
  specs:
    places_integration (2.0.4)
      rails (~> 3.2.8)

GIT
  remote: git://github.com/thl/proxy_engine.git
  revision: 0ce77bc3b327701a140a738431bd2cc1f40cf6d2
  tag: v2.0.1
  specs:
    proxy_engine (2.0.1)
      rails (~> 3.2.9)

GIT
  remote: git://github.com/thl/thl_integration.git
  revision: 41a4b6e08970224dbffe470d0896a1d04e8b8790
  tag: v2.0.6
  specs:
    thl_integration (2.0.6)
      rails (~> 3.2.8)

GIT
  remote: git://github.com/thl/topical_map_integration.git
  revision: 47524931a42a700da2e5af76e7d3388c88cc10d0
  tag: v3.0.0
  specs:
    topical_map_integration (3.0.0)
      rails (~> 3.2.9)

GIT
  remote: git://github.com/thl/universal_navigation.git
  revision: 46278c0fce258e8b7061180b3d85910d13a2bc61
  tag: v2.0.5
  specs:
    universal_navigation (2.0.5)
      rails (~> 3.2.8)

GEM
  remote: http://rubygems.org/
  specs:
    actionmailer (3.2.13)
      actionpack (= 3.2.13)
      mail (~> 2.5.3)
    actionpack (3.2.13)
      activemodel (= 3.2.13)
      activesupport (= 3.2.13)
      builder (~> 3.0.0)
      erubis (~> 2.7.0)
      journey (~> 1.0.4)
      rack (~> 1.4.5)
      rack-cache (~> 1.2)
      rack-test (~> 0.6.1)
      sprockets (~> 2.2.1)
    activemodel (3.2.13)
      activesupport (= 3.2.13)
      builder (~> 3.0.0)
    activerecord (3.2.13)
      activemodel (= 3.2.13)
      activesupport (= 3.2.13)
      arel (~> 3.0.2)
      tzinfo (~> 0.3.29)
    activeresource (3.2.13)
      activemodel (= 3.2.13)
      activesupport (= 3.2.13)
    activesupport (3.2.13)
      i18n (= 0.6.1)
      multi_json (~> 1.0)
    acts_as_list (0.1.8)
    acts_as_tree (0.2.0)
    acts_as_versioned (0.2.3)
      activerecord (>= 1.10.1)
      activesupport (>= 1.1.1)
    annotate (2.5.0)
      rake
    arel (3.0.2)
    builder (3.0.4)
    cgi_multipart_eof_fix (2.5.0)
    coffee-rails (3.2.2)
      coffee-script (>= 2.2.0)
      railties (~> 3.2.0)
    coffee-script (2.2.0)
      coffee-script-source
      execjs
    coffee-script-source (1.4.0)
    columnize (0.3.6)
    daemons (1.1.9)
    dynamic_form (1.1.4)
    erubis (2.7.0)
    execjs (1.4.0)
      multi_json (~> 1.0)
    fastthread (1.0.7)
    gem_plugin (0.2.3)
    globalize3 (0.2.0)
      activemodel (>= 3.0.0)
      activerecord (>= 3.0.0)
      paper_trail (~> 2)
    hike (1.2.1)
    hpricot (0.8.6)
    i18n (0.6.1)
    in_place_editing (1.2.0)
    journey (1.0.4)
    jquery-rails (2.1.3)
      railties (>= 3.1.0, < 5.0)
      thor (~> 0.14)
    json (1.7.7)
    libv8 (3.3.10.2)
    linecache (0.46)
      rbx-require-relative (> 0.0.4)
    mail (2.5.3)
      i18n (>= 0.4.0)
      mime-types (~> 1.16)
      treetop (~> 1.4.8)
    mime-types (1.21)
    mongrel (1.1.5)
      cgi_multipart_eof_fix (>= 2.4)
      daemons (>= 1.0.3)
      fastthread (>= 1.0.1)
      gem_plugin (>= 0.2.3)
    multi_json (1.7.2)
    mysql2 (0.3.11)
    newrelic_rpm (3.5.2.17)
    open_id_authentication (1.1.0)
      rack-openid (~> 1.3)
    paper_trail (2.6.4)
      activerecord (~> 3.0)
      railties (~> 3.0)
    permalink_fu (1.0.0)
    polyglot (0.3.3)
    pothoven-attachment_fu (3.2.8)
    rack (1.4.5)
    rack-cache (1.2)
      rack (>= 0.4)
    rack-openid (1.3.1)
      rack (>= 1.1.0)
      ruby-openid (>= 2.1.8)
    rack-ssl (1.3.3)
      rack
    rack-test (0.6.2)
      rack (>= 1.0)
    rails (3.2.13)
      actionmailer (= 3.2.13)
      actionpack (= 3.2.13)
      activerecord (= 3.2.13)
      activeresource (= 3.2.13)
      activesupport (= 3.2.13)
      bundler (~> 1.0)
      railties (= 3.2.13)
    railties (3.2.13)
      actionpack (= 3.2.13)
      activesupport (= 3.2.13)
      rack-ssl (~> 1.3.2)
      rake (>= 0.8.7)
      rdoc (~> 3.4)
      thor (>= 0.14.6, < 2.0)
    rake (10.0.4)
    rbx-require-relative (0.0.9)
    rdoc (3.12.2)
      json (~> 1.4)
    rmagick (2.13.2)
    ruby-debug (0.10.4)
      columnize (>= 0.1)
      ruby-debug-base (~> 0.10.4.0)
    ruby-debug-base (0.10.4)
      linecache (>= 0.3)
    ruby-openid (2.2.2)
    sass (3.2.3)
    sass-rails (3.2.5)
      railties (~> 3.2.0)
      sass (>= 3.1.10)
      tilt (~> 1.3)
    sprockets (2.2.2)
      hike (~> 1.2)
      multi_json (~> 1.0)
      rack (~> 1.0)
      tilt (~> 1.1, != 1.3.0)
    therubyracer (0.10.2)
      libv8 (~> 3.3.10)
    thor (0.18.0)
    tilt (1.3.6)
    tinymce-rails (3.5.6)
      railties (>= 3.1.1)
    treetop (1.4.12)
      polyglot
      polyglot (>= 0.3.1)
    tzinfo (0.3.37)
    uglifier (1.3.0)
      execjs (>= 0.3.0)
      multi_json (~> 1.0, >= 1.0.2)
    will_paginate (3.0.3)

PLATFORMS
  ruby

DEPENDENCIES
  active_resource_extensions (= 2.0.5)!
  acts_as_list
  acts_as_tree (= 0.2.0)
  acts_as_versioned
  annotate
  attachment_fu_patch (= 2.0.4)!
  authenticated_system (= 2.1.0)!
  coffee-rails (~> 3.2.1)
  comatose (= 2.0.5)!
  complex_scripts (= 2.0.7)!
  dictionary_integration (= 2.0.2)!
  dynamic_form
  globalize3
  hpricot (>= 0.8.6)
  in_place_editing
  interface_utils (= 2.0.2)!
  jquery-rails
  json
  libv8 (= 3.3.10.2)
  mms_engine (= 2.4.1)!
  mongrel
  mysql2
  newrelic_rpm
  open_id_authentication
  passiverecord (= 0.2)!
  permalink_fu
  places_integration (= 2.0.4)!
  pothoven-attachment_fu
  proxy_engine (= 2.0.1)!
  rack-openid
  rails (= 3.2.13)
  restful-authentication (= 2.0.0.beta1)!
  ruby-debug
  sass-rails (~> 3.2.3)
  spawn (= 1.0.1)!
  therubyracer
  thl_integration (= 2.0.6)!
  tinymce-rails (= 3.5.6)
  topical_map_integration (= 3.0.0)!
  uglifier (>= 1.0.3)
  universal_navigation (= 2.0.5)!
  will_paginate (~> 3.0)
