GIT
  remote: git://github.com/ambethia/passiverecord.git
  revision: cdf0747243e9bbf067ab6fea8cc6cc8f860112b1
  specs:
    passiverecord (0.2)

GIT
  remote: git://github.com/nexiahome/spawnling.git
  revision: 422a0aadbc685c17962348468e22e69e18d94500
  specs:
    spawnling (2.1.6)

GIT
  remote: git://github.com/raszi/restful-authentication.git
  revision: 0f7d50512bf47a63e53ea05cd5a7b2161732448f
  branch: rails4
  specs:
    restful-authentication (2.0.0.beta1)

GIT
  remote: git://github.com/shanti-uva/flare.git
  revision: 09e53df556db53cc948614c3f08f2223c454c88e
  tag: v1.2.3
  specs:
    flare (1.2.3)
      faraday (~> 0.11.0)
      rails (>= 4.0)
      rsolr (~> 2.0.0.pre3)

GIT
  remote: git://github.com/shanti-uva/subjects_integration.git
  revision: eac002617f1e69409e45af3c265eb07c0196dcab
  tag: v0.2.9
  specs:
    subjects_integration (0.2.9)
      rails (>= 4.0)

GIT
  remote: git://github.com/thl/active_resource_extensions.git
  revision: 9376fac04bfea16d2a635eac30dd4c3821c34d3e
  tag: v2.2.4
  specs:
    active_resource_extensions (2.2.4)
      activeresource
      hpricot
      rails (>= 4.0)

GIT
  remote: git://github.com/thl/authenticated_system.git
  revision: 00206c6cb528f1574234e6034cc1debc45ec58e7
  tag: v2.4.0
  specs:
    authenticated_system (2.4.0)
      rails (>= 4.0)

GIT
  remote: git://github.com/thl/complex_scripts.git
  revision: fc74b2f67a66a98b0c28c7c2305c9800d34cae26
  tag: v2.3.1
  specs:
    complex_scripts (2.3.1)
      hpricot
      passiverecord (= 0.2)
      rails (>= 4.0)

GIT
  remote: git://github.com/thl/mms_integration.git
  revision: 143e158536934b12ac496f5bf1db8eefbdda3be3
  tag: v2.4.2
  specs:
    mms_integration (2.4.2)
      rails (>= 4.0)

GIT
  remote: git://github.com/thl/places_integration.git
  revision: 1ac7322a3371f1f8b7d6b89a4361d37e29285abe
  tag: v2.2.5
  specs:
    places_integration (2.2.5)
      rails (>= 4.0)

GIT
  remote: git://github.com/thl/proxy_engine.git
  revision: 7b032964ef34b578162210d352b197da86fb53cc
  tag: v2.1.6
  specs:
    proxy_engine (2.1.6)
      rails (>= 4.0)

GIT
  remote: git://github.com/thl/universal_navigation.git
  revision: d35f43d174d2dc7d9431d9dfe1f094086f738461
  tag: v2.1.2
  specs:
    universal_navigation (2.1.2)
      rails (~> 4.0)

GIT
  remote: http://github.com/thl/attachment_fu_patch
  revision: e417b81f249520d3c7534d179b3f9c6bf29f47df
  tag: v2.1.4
  specs:
    attachment_fu_patch (2.1.4)
      rails (~> 4.1.5)
      rmagick

GIT
  remote: http://github.com/thl/dictionary_integration
  revision: c5b1fdacdbf85ed19e095c076e94616a71e92b0b
  tag: v2.1.5
  specs:
    dictionary_integration (2.1.5)
      rails (~> 4.0)

GIT
  remote: http://github.com/thl/interface_utils
  revision: 19ee716f5fe591418ee461a361942b44825ea0a1
  tag: v2.1.15
  specs:
    interface_utils (2.1.15)
      rails (~> 4.0)

GIT
  remote: http://github.com/thl/mms_engine
  revision: 8619b43bffc45dd4d764d839f43e56a0c476a09e
  tag: v3.3.0
  specs:
    mms_engine (3.3.0)
      acts_as_list
      acts_as_versioned
      annotate (= 2.7.2)
      coffee-rails (~> 4.0.0)
      globalize
      hpricot
      in_place_editing
      jbuilder (~> 2.0)
      memcache-client
      mysql2 (= 0.3.18)
      newrelic_rpm
      permalink_fu
      rails (= 4.1.14)
      rmagick (= 2.15.4)
      turbolinks
      uglifier (>= 1.3.0)
      will_paginate

GIT
  remote: http://github.com/thl/thl_integration
  revision: e003bc83215218f5917d26bedd8cb26d7f5af191
  tag: v2.2.8
  specs:
    thl_integration (2.2.8)
      hpricot
      rails (~> 4.0)

GEM
  remote: http://rubygems.org/
  specs:
    actionmailer (4.1.14)
      actionpack (= 4.1.14)
      actionview (= 4.1.14)
      mail (~> 2.5, >= 2.5.4)
    actionpack (4.1.14)
      actionview (= 4.1.14)
      activesupport (= 4.1.14)
      rack (~> 1.5.2)
      rack-test (~> 0.6.2)
    actionpack-action_caching (1.2.1)
      actionpack (>= 4.0.0)
    actionpack-page_caching (1.1.1)
      actionpack (>= 4.0.0, < 6)
    actionview (4.1.14)
      activesupport (= 4.1.14)
      builder (~> 3.1)
      erubis (~> 2.7.0)
    activemodel (4.1.14)
      activesupport (= 4.1.14)
      builder (~> 3.1)
    activerecord (4.1.14)
      activemodel (= 4.1.14)
      activesupport (= 4.1.14)
      arel (~> 5.0.0)
    activeresource (4.1.0)
      activemodel (~> 4.0)
      activesupport (~> 4.0)
      rails-observers (~> 0.1.2)
    activesupport (4.1.14)
      i18n (~> 0.6, >= 0.6.9)
      json (~> 1.7, >= 1.7.7)
      minitest (~> 5.1)
      thread_safe (~> 0.1)
      tzinfo (~> 1.1)
    acts_as_list (0.9.19)
      activerecord (>= 3.0)
    acts_as_tree (2.9.0)
      activerecord (>= 3.0.0)
    acts_as_versioned (0.2.3)
      activerecord (>= 1.10.1)
      activesupport (>= 1.1.1)
    annotate (2.7.2)
      activerecord (>= 3.2, < 6.0)
      rake (>= 10.4, < 13.0)
    arel (5.0.1.20140414130214)
    builder (3.2.3)
    byebug (9.0.6)
    coffee-rails (4.0.1)
      coffee-script (>= 2.2.0)
      railties (>= 4.0.0, < 5.0)
    coffee-script (2.4.1)
      coffee-script-source
      execjs
    coffee-script-source (1.12.2)
    concurrent-ruby (1.1.5)
    dynamic_form (1.1.4)
    erubis (2.7.0)
    execjs (2.8.1)
    faraday (0.11.0)
      multipart-post (>= 1.2, < 3)
    globalize (4.0.3)
      activemodel (>= 4.0.0, < 5)
      activerecord (>= 4.0.0, < 5)
    hike (1.2.3)
    hpricot (0.8.6)
    i18n (0.9.5)
      concurrent-ruby (~> 1.0)
    in_place_editing (1.2.0)
    jbuilder (2.6.4)
      activesupport (>= 3.0.0)
      multi_json (>= 1.2)
    jquery-rails (3.1.5)
      railties (>= 3.0, < 5.0)
      thor (>= 0.14, < 2.0)
    json (1.8.6)
    mail (2.7.1)
      mini_mime (>= 0.1.1)
    memcache-client (1.8.5)
    mini_mime (1.0.2)
    minitest (5.11.3)
    multi_json (1.14.1)
    multipart-post (2.1.1)
    mysql2 (0.3.18)
    newrelic_rpm (7.2.0)
    open_id_authentication (1.3.0)
      rack-openid (~> 1.3)
    permalink_fu (1.0.0)
    pothoven-attachment_fu (3.3.2)
    rack (1.5.5)
    rack-openid (1.4.2)
      rack (>= 1.1.0)
      ruby-openid (>= 2.1.8)
    rack-test (0.6.3)
      rack (>= 1.0)
    rails (4.1.14)
      actionmailer (= 4.1.14)
      actionpack (= 4.1.14)
      actionview (= 4.1.14)
      activemodel (= 4.1.14)
      activerecord (= 4.1.14)
      activesupport (= 4.1.14)
      bundler (>= 1.3.0, < 2.0)
      railties (= 4.1.14)
      sprockets-rails (~> 2.0)
    rails-observers (0.1.2)
      activemodel (~> 4.0)
    railties (4.1.14)
      actionpack (= 4.1.14)
      activesupport (= 4.1.14)
      rake (>= 0.8.7)
      thor (>= 0.18.1, < 2.0)
    rake (12.3.3)
    rdoc (4.3.0)
    rmagick (2.15.4)
    rsolr (2.0.2)
      builder (>= 2.1.2)
      faraday
    ruby-openid (2.9.2)
    sass (3.2.19)
    sass-rails (4.0.5)
      railties (>= 4.0.0, < 5.0)
      sass (~> 3.2.2)
      sprockets (~> 2.8, < 3.0)
      sprockets-rails (~> 2.0)
    sdoc (0.4.2)
      json (~> 1.7, >= 1.7.7)
      rdoc (~> 4.0)
    spring (1.2.0)
    sprockets (2.12.5)
      hike (~> 1.2)
      multi_json (~> 1.0)
      rack (~> 1.0)
      tilt (~> 1.1, != 1.3.0)
    sprockets-rails (2.3.3)
      actionpack (>= 3.0)
      activesupport (>= 3.0)
      sprockets (>= 2.8, < 4.0)
    thor (0.20.3)
    thread_safe (0.3.6)
    tilt (1.4.1)
    tinymce-rails (5.1.2)
      railties (>= 3.1.1)
    turbolinks (5.2.1)
      turbolinks-source (~> 5.2)
    turbolinks-source (5.2.0)
    tzinfo (1.2.5)
      thread_safe (~> 0.1)
    uglifier (4.2.0)
      execjs (>= 0.3.0, < 3)
    will_paginate (3.2.1)

PLATFORMS
  ruby

DEPENDENCIES
  actionpack-action_caching
  actionpack-page_caching
  active_resource_extensions (= 2.2.4)!
  activeresource
  acts_as_tree
  attachment_fu_patch (= 2.1.4)!
  authenticated_system (= 2.4.0)!
  byebug
  complex_scripts (= 2.3.1)!
  dictionary_integration (= 2.1.5)!
  dynamic_form
  execjs (= 2.8.1)
  flare (= 1.2.3)!
  globalize
  hpricot
  interface_utils (= 2.1.15)!
  jquery-rails
  mms_engine (= 3.3.0)!
  mms_integration (= 2.4.2)!
  newrelic_rpm (= 7.2.0)
  open_id_authentication
  passiverecord (= 0.2)!
  places_integration (= 2.2.5)!
  pothoven-attachment_fu
  proxy_engine (= 2.1.6)!
  rack-openid
  rails-observers
  restful-authentication (= 2.0.0.beta1)!
  sass-rails (~> 4.0.3)
  sdoc (~> 0.4.0)
  spawnling (= 2.1.6)!
  spring
  subjects_integration (= 0.2.9)!
  thl_integration (= 2.2.8)!
  tinymce-rails
  uglifier (= 4.2.0)
  universal_navigation (= 2.1.2)!
  will_paginate

BUNDLED WITH
   1.17.3
