GIT
  remote: git://github.com/ambethia/passiverecord.git
  revision: cdf0747243e9bbf067ab6fea8cc6cc8f860112b1
  specs:
    passiverecord (0.2)

GIT
  remote: git://github.com/raszi/restful-authentication.git
  revision: 0f7d50512bf47a63e53ea05cd5a7b2161732448f
  branch: rails4
  specs:
    restful-authentication (2.0.0.beta1)

GIT
  remote: git://github.com/shanti-uva/flare.git
  revision: 0e820e432eee91e8c1cf4afd40250806aac734a3
  tag: v0.0.1
  specs:
    flare (0.0.1)
      rails (~> 4.1.5)
      rsolr

GIT
  remote: git://github.com/shanti-uva/subjects_integration.git
  revision: be82890eec0fd5d0f846bf68c2d148c21d200b35
  tag: v0.1.6
  specs:
    subjects_integration (0.1.6)
      rails (~> 4.0)

GIT
  remote: git://github.com/thl/active_resource_extensions.git
  revision: a230f5f6654b0cdfa1a434498baf441b66805128
  tag: v2.1.7
  specs:
    active_resource_extensions (2.1.7)
      activeresource
      hpricot
      rails (~> 4.0)

GIT
  remote: git://github.com/thl/attachment_fu_patch.git
  revision: 67e9bab95eea8269c26b30ff44d9ce33b9d8d701
  tag: v2.1.3
  specs:
    attachment_fu_patch (2.1.3)
      rails (~> 4.1.5)
      rmagick

GIT
  remote: git://github.com/thl/authenticated_system.git
  revision: ca2e653f1b017f5cc9a03c4acab027098422e8d0
  tag: v2.3.4
  specs:
    authenticated_system (2.3.4)
      rails (~> 4.0)

GIT
  remote: git://github.com/thl/complex_scripts.git
  revision: f718b855966923a691bdd65984bdf36873ceebd2
  tag: v2.2.7
  specs:
    complex_scripts (2.2.7)
      hpricot
      passiverecord (= 0.2)
      rails (~> 4.0)

GIT
  remote: git://github.com/thl/dictionary_integration.git
  revision: 0eb3f7452455e1c4fcd835f7d888f5bb644d21b7
  tag: v2.1.3
  specs:
    dictionary_integration (2.1.3)
      rails (~> 4.0)

GIT
  remote: git://github.com/thl/interface_utils.git
  revision: 5564db2bc1e116a08e4876ef22d98ece37c01289
  tag: v2.1.10
  specs:
    interface_utils (2.1.10)
      rails (~> 4.0)

GIT
  remote: git://github.com/thl/mms_engine.git
  revision: f7b05bce76d60d1c38121528a2cd5311bb2cdc29
  tag: v3.0.8
  specs:
    mms_engine (3.0.8)
      acts_as_list
      acts_as_versioned
      annotate
      coffee-rails (~> 4.0.0)
      globalize
      hpricot
      in_place_editing
      jbuilder (~> 2.0)
      memcache-client
      mysql2 (= 0.3.18)
      newrelic_rpm
      permalink_fu
      rails (~> 4.1.5)
      rmagick
      spawnling
      turbolinks
      uglifier (>= 1.3.0)
      will_paginate

GIT
  remote: git://github.com/thl/mms_integration.git
  revision: a3f13c856e70e2462b39e8dd8b3151c39cb8f57c
  tag: v2.2.7
  specs:
    mms_integration (2.2.7)
      rails (~> 4.0)

GIT
  remote: git://github.com/thl/places_integration.git
  revision: 57abea4c5a72da487ff67319425023413f64cbb4
  tag: v2.1.5
  specs:
    places_integration (2.1.5)
      rails (~> 4.0)

GIT
  remote: git://github.com/thl/proxy_engine.git
  revision: 49d536e60bdfa648edba75959c43c79cba70ecf9
  tag: v2.1.2
  specs:
    proxy_engine (2.1.2)
      rails (~> 4.0)

GIT
  remote: git://github.com/thl/thl_integration.git
  revision: eda7b5e2820a76d3958682b99a03f7b9919e3bd6
  tag: v2.2.4
  specs:
    thl_integration (2.2.4)
      hpricot
      rails (~> 4.0)

GIT
  remote: git://github.com/thl/universal_navigation.git
  revision: d35f43d174d2dc7d9431d9dfe1f094086f738461
  tag: v2.1.2
  specs:
    universal_navigation (2.1.2)
      rails (~> 4.0)

GEM
  remote: http://rubygems.org/
  specs:
    actionmailer (4.1.5)
      actionpack (= 4.1.5)
      actionview (= 4.1.5)
      mail (~> 2.5.4)
    actionpack (4.1.5)
      actionview (= 4.1.5)
      activesupport (= 4.1.5)
      rack (~> 1.5.2)
      rack-test (~> 0.6.2)
    actionpack-action_caching (1.1.1)
      actionpack (>= 4.0.0, < 5.0)
    actionpack-page_caching (1.0.2)
      actionpack (>= 4.0.0, < 5)
    actionview (4.1.5)
      activesupport (= 4.1.5)
      builder (~> 3.1)
      erubis (~> 2.7.0)
    activemodel (4.1.5)
      activesupport (= 4.1.5)
      builder (~> 3.1)
    activerecord (4.1.5)
      activemodel (= 4.1.5)
      activesupport (= 4.1.5)
      arel (~> 5.0.0)
    activeresource (4.0.0)
      activemodel (~> 4.0)
      activesupport (~> 4.0)
      rails-observers (~> 0.1.1)
    activesupport (4.1.5)
      i18n (~> 0.6, >= 0.6.9)
      json (~> 1.7, >= 1.7.7)
      minitest (~> 5.1)
      thread_safe (~> 0.1)
      tzinfo (~> 1.1)
    acts_as_list (0.8.0)
      activerecord (>= 3.0)
    acts_as_tree (2.0.0)
      activerecord (>= 3.0.0)
    acts_as_versioned (0.2.3)
      activerecord (>= 1.10.1)
      activesupport (>= 1.1.1)
    annotate (2.7.1)
      activerecord (>= 3.2, < 6.0)
      rake (>= 10.4, < 12.0)
    arel (5.0.1.20140414130214)
    builder (3.2.2)
    byebug (3.4.0)
      columnize (~> 0.8)
      debugger-linecache (~> 1.2)
      slop (~> 3.6)
    coffee-rails (4.0.1)
      coffee-script (>= 2.2.0)
      railties (>= 4.0.0, < 5.0)
    coffee-script (2.4.1)
      coffee-script-source
      execjs
    coffee-script-source (1.10.0)
    columnize (0.8.9)
    debugger-linecache (1.2.0)
    dynamic_form (1.1.4)
    erubis (2.7.0)
    execjs (2.7.0)
    globalize (4.0.2)
      activemodel (>= 4.0.0, < 5)
      activerecord (>= 4.0.0, < 5)
    hike (1.2.3)
    hpricot (0.8.6)
    i18n (0.7.0)
    in_place_editing (1.2.0)
    jbuilder (2.6.0)
      activesupport (>= 3.0.0, < 5.1)
      multi_json (~> 1.2)
    jquery-rails (3.1.2)
      railties (>= 3.0, < 5.0)
      thor (>= 0.14, < 2.0)
    json (1.8.3)
    libv8 (3.16.14.7)
    mail (2.5.4)
      mime-types (~> 1.16)
      treetop (~> 1.4.8)
    memcache-client (1.8.5)
    mime-types (1.25.1)
    minitest (5.9.0)
    multi_json (1.10.1)
    mysql2 (0.3.18)
    newrelic_rpm (3.16.2.321)
    open_id_authentication (1.2.0)
      rack-openid (~> 1.3)
    permalink_fu (1.0.0)
    polyglot (0.3.5)
    pothoven-attachment_fu (3.2.13)
    rack (1.5.2)
    rack-openid (1.4.2)
      rack (>= 1.1.0)
      ruby-openid (>= 2.1.8)
    rack-test (0.6.3)
      rack (>= 1.0)
    rails (4.1.5)
      actionmailer (= 4.1.5)
      actionpack (= 4.1.5)
      actionview (= 4.1.5)
      activemodel (= 4.1.5)
      activerecord (= 4.1.5)
      activesupport (= 4.1.5)
      bundler (>= 1.3.0, < 2.0)
      railties (= 4.1.5)
      sprockets-rails (~> 2.0)
    rails-observers (0.1.2)
      activemodel (~> 4.0)
    railties (4.1.5)
      actionpack (= 4.1.5)
      activesupport (= 4.1.5)
      rake (>= 0.8.7)
      thor (>= 0.18.1, < 2.0)
    rake (11.2.2)
    rdoc (4.1.2)
      json (~> 1.4)
    ref (1.0.5)
    rmagick (2.15.4)
    rsolr (1.1.2)
      builder (>= 2.1.2)
    ruby-openid (2.5.0)
    sass (3.2.19)
    sass-rails (4.0.3)
      railties (>= 4.0.0, < 5.0)
      sass (~> 3.2.0)
      sprockets (~> 2.8, <= 2.11.0)
      sprockets-rails (~> 2.0)
    sdoc (0.4.1)
      json (~> 1.7, >= 1.7.7)
      rdoc (~> 4.0)
    slop (3.6.0)
    spawnling (2.1.6)
    spring (1.1.3)
    sprockets (2.11.0)
      hike (~> 1.2)
      multi_json (~> 1.0)
      rack (~> 1.0)
      tilt (~> 1.1, != 1.3.0)
    sprockets-rails (2.1.4)
      actionpack (>= 3.0)
      activesupport (>= 3.0)
      sprockets (~> 2.8)
    therubyracer (0.12.1)
      libv8 (~> 3.16.14.0)
      ref
    thor (0.19.1)
    thread_safe (0.3.5)
    tilt (1.4.1)
    tinymce-rails (4.1.6)
      railties (>= 3.1.1)
    treetop (1.4.15)
      polyglot
      polyglot (>= 0.3.1)
    turbolinks (5.0.1)
      turbolinks-source (~> 5)
    turbolinks-source (5.0.0)
    tzinfo (1.2.2)
      thread_safe (~> 0.1)
    uglifier (3.0.2)
      execjs (>= 0.3.0, < 3)
    will_paginate (3.1.0)

PLATFORMS
  ruby

DEPENDENCIES
  actionpack-action_caching
  actionpack-page_caching
  active_resource_extensions (= 2.1.7)!
  activeresource
  acts_as_tree
  attachment_fu_patch (= 2.1.3)!
  authenticated_system (= 2.3.4)!
  byebug
  complex_scripts (= 2.2.7)!
  dictionary_integration (= 2.1.3)!
  dynamic_form
  flare (= 0.0.1)!
  globalize
  hpricot
  interface_utils (= 2.1.10)!
  jquery-rails
  mms_engine (= 3.0.8)!
  mms_integration (= 2.2.7)!
  open_id_authentication
  passiverecord (= 0.2)!
  places_integration (= 2.1.5)!
  pothoven-attachment_fu
  proxy_engine (= 2.1.2)!
  rack-openid
  rails-observers
  restful-authentication (= 2.0.0.beta1)!
  sass-rails (~> 4.0.3)
  sdoc (~> 0.4.0)
  spring
  subjects_integration (= 0.1.6)!
  therubyracer
  thl_integration (= 2.2.4)!
  tinymce-rails
  universal_navigation (= 2.1.2)!
  will_paginate

BUNDLED WITH
   1.12.5
